GEM
  remote: https://rubygems.org/
  specs:
    concurrent-ruby (1.0.5)
    i18n (0.9.1)
      concurrent-ruby (~> 1.0)
    rake (12.3.0)

PLATFORMS
  ruby
  x64-mingw32

DEPENDENCIES
  i18n
  rake

BUNDLED WITH
   1.16.1
